GIT
  remote: git://github.com/refinery/refinerycms-i18n.git
  revision: ff93ad912c86eb2f1a07a77ac1c75133474f7fea
  specs:
    refinerycms-i18n (3.0.1)
      rails-i18n (~> 4.0.1)
      routing-filter (>= 0.4.0)

GIT
  remote: git://github.com/refinery/refinerycms.git
  revision: dcb112e2cfd64aa578204e7564f2d1f2f79ad9f1
  branch: master
  specs:
    refinerycms (3.0.2)
      refinerycms-core (= 3.0.2)
      refinerycms-images (= 3.0.2)
      refinerycms-pages (= 3.0.2)
      refinerycms-resources (= 3.0.2)
    refinerycms-core (3.0.2)
      actionpack (>= 4.2.3, < 5.0)
      activerecord (>= 4.2.3, < 5.0)
      awesome_nested_set (~> 3.0.0)
      coffee-rails (~> 4.0, >= 4.0.0)
      decorators (~> 2.0.0)
      font-awesome-sass (>= 4.3.0, < 5.0)
      jquery-rails (>= 2.3.0)
      jquery-ui-rails (~> 5.0.0)
      railties (>= 4.2.3, < 5.0)
      refinerycms-i18n (~> 3.0.0)
      sass-rails (>= 4.0, < 5.1)
      truncate_html (~> 0.9)
      will_paginate (~> 3.0.2)
      zilch-authorisation
    refinerycms-images (3.0.2)
      dragonfly (~> 1.0.0)
      globalize (>= 4.0.0, < 5.2)
      refinerycms-core (= 3.0.2)
    refinerycms-pages (3.0.2)
      awesome_nested_set (~> 3.0.0)
      babosa (!= 0.3.6)
      friendly_id (>= 5.1.0, < 5.3)
      globalize (>= 4.0.0, < 5.2)
      refinerycms-core (= 3.0.2)
      seo_meta (~> 2.0.0.rc.1)
      speakingurl-rails (~> 8.0.0)
    refinerycms-resources (3.0.2)
      acts_as_indexed (~> 0.8.0)
      dragonfly (~> 1.0.0)
      globalize (>= 4.0.0, < 5.2)
      refinerycms-core (= 3.0.2)
    refinerycms-testing (3.0.2)
      capybara (~> 2.4.3)
      database_cleaner (~> 1.3.0)
      factory_girl_rails (~> 4.6.0)
      refinerycms-core (= 3.0.2)
      rspec-rails (~> 3.0)

PATH
  remote: .
  specs:
    refinerycms-caststone (1.0.3)
      refinerycms-core
      rmagick

GEM
  remote: https://rubygems.org/
  remote: https://rails-assets.org/
  specs:
    actionmailer (4.2.6)
      actionpack (= 4.2.6)
      actionview (= 4.2.6)
      activejob (= 4.2.6)
      mail (~> 2.5, >= 2.5.4)
      rails-dom-testing (~> 1.0, >= 1.0.5)
    actionpack (4.2.6)
      actionview (= 4.2.6)
      activesupport (= 4.2.6)
      rack (~> 1.6)
      rack-test (~> 0.6.2)
      rails-dom-testing (~> 1.0, >= 1.0.5)
      rails-html-sanitizer (~> 1.0, >= 1.0.2)
    actionview (4.2.6)
      activesupport (= 4.2.6)
      builder (~> 3.1)
      erubis (~> 2.7.0)
      rails-dom-testing (~> 1.0, >= 1.0.5)
      rails-html-sanitizer (~> 1.0, >= 1.0.2)
    activejob (4.2.6)
      activesupport (= 4.2.6)
      globalid (>= 0.3.0)
    activemodel (4.2.6)
      activesupport (= 4.2.6)
      builder (~> 3.1)
    activerecord (4.2.6)
      activemodel (= 4.2.6)
      activesupport (= 4.2.6)
      arel (~> 6.0)
    activesupport (4.2.6)
      i18n (~> 0.7)
      json (~> 1.7, >= 1.7.7)
      minitest (~> 5.1)
      thread_safe (~> 0.3, >= 0.3.4)
      tzinfo (~> 1.1)
    acts_as_indexed (0.8.3)
    addressable (2.4.0)
    arel (6.0.3)
    awesome_nested_set (3.0.3)
      activerecord (>= 4.0.0, < 5)
    babosa (1.0.2)
    builder (3.2.2)
    capybara (2.4.4)
      mime-types (>= 1.16)
      nokogiri (>= 1.3.3)
      rack (>= 1.0.0)
      rack-test (>= 0.5.4)
      xpath (~> 2.0)
    cliver (0.3.2)
    coffee-rails (4.0.1)
      coffee-script (>= 2.2.0)
      railties (>= 4.0.0, < 5.0)
    coffee-script (2.4.1)
      coffee-script-source
      execjs
    coffee-script-source (1.10.0)
    database_cleaner (1.3.0)
    decorators (2.0.1)
      railties (>= 4.0.0, < 5.0.0)
    diff-lcs (1.2.5)
    dragonfly (1.0.12)
      addressable (~> 2.3)
      multi_json (~> 1.0)
      rack (>= 1.3.0)
    dragonfly-s3_data_store (1.2)
      dragonfly (~> 1.0)
      fog-aws
    erubis (2.7.0)
    excon (0.52.0)
    execjs (2.6.0)
    factory_girl (4.5.0)
      activesupport (>= 3.0.0)
    factory_girl_rails (4.6.0)
      factory_girl (~> 4.5.0)
      railties (>= 3.0.0)
    fog-aws (0.12.0)
      fog-core (~> 1.38)
      fog-json (~> 1.0)
      fog-xml (~> 0.1)
      ipaddress (~> 0.8)
    fog-core (1.42.0)
      builder
      excon (~> 0.49)
      formatador (~> 0.2)
    fog-json (1.0.2)
      fog-core (~> 1.0)
      multi_json (~> 1.10)
    fog-xml (0.1.2)
      fog-core
      nokogiri (~> 1.5, >= 1.5.11)
    font-awesome-sass (4.5.0)
      sass (>= 3.2)
    formatador (0.2.5)
    friendly_id (5.1.0)
      activerecord (>= 4.0.0)
    globalid (0.3.6)
      activesupport (>= 4.1.0)
    globalize (5.0.1)
      activemodel (>= 4.2.0, < 4.3)
      activerecord (>= 4.2.0, < 4.3)
    hike (1.2.3)
    i18n (0.7.0)
    ipaddress (0.8.3)
    jquery-rails (4.1.1)
      rails-dom-testing (>= 1, < 3)
      railties (>= 4.2.0)
      thor (>= 0.14, < 2.0)
    jquery-ui-rails (5.0.5)
      railties (>= 3.2.16)
    json (1.8.3)
    loofah (2.0.3)
      nokogiri (>= 1.5.9)
    mail (2.6.4)
      mime-types (>= 1.16, < 4)
    mime-types (1.25.1)
    mini_portile2 (2.0.0)
    minitest (5.8.4)
    multi_json (1.11.3)
    mustache (1.0.3)
    mysql2 (0.4.4)
    nokogiri (1.6.7.2)
      mini_portile2 (~> 2.0.0.rc2)
    pg (0.18.4)
    poltergeist (1.9.0)
      capybara (~> 2.1)
      cliver (~> 0.3.1)
      multi_json (~> 1.0)
      websocket-driver (>= 0.2.0)
    rack (1.6.4)
    rack-test (0.6.3)
      rack (>= 1.0)
    rails (4.2.6)
      actionmailer (= 4.2.6)
      actionpack (= 4.2.6)
      actionview (= 4.2.6)
      activejob (= 4.2.6)
      activemodel (= 4.2.6)
      activerecord (= 4.2.6)
      activesupport (= 4.2.6)
      bundler (>= 1.3.0, < 2.0)
      railties (= 4.2.6)
      sprockets-rails
    rails-assets-jquery (2.2.3)
    rails-assets-multiselect (0.9.12)
      rails-assets-jquery (>= 1.7.1)
    rails-deprecated_sanitizer (1.0.3)
      activesupport (>= 4.2.0.alpha)
    rails-dom-testing (1.0.7)
      activesupport (>= 4.2.0.beta, < 5.0)
      nokogiri (~> 1.6.0)
      rails-deprecated_sanitizer (>= 1.0.1)
    rails-html-sanitizer (1.0.3)
      loofah (~> 2.0)
    rails-i18n (4.0.8)
      i18n (~> 0.7)
      railties (~> 4.0)
    railties (4.2.6)
      actionpack (= 4.2.6)
      activesupport (= 4.2.6)
      rake (>= 0.8.7)
      thor (>= 0.18.1, < 2.0)
    rake (11.1.2)
    rmagick (2.15.4)
    routing-filter (0.5.1)
      actionpack (~> 4.2)
      activesupport (~> 4.2)
    rspec-core (3.4.4)
      rspec-support (~> 3.4.0)
    rspec-expectations (3.4.0)
      diff-lcs (>= 1.2.0, < 2.0)
      rspec-support (~> 3.4.0)
    rspec-mocks (3.4.1)
      diff-lcs (>= 1.2.0, < 2.0)
      rspec-support (~> 3.4.0)
    rspec-rails (3.4.2)
      actionpack (>= 3.0, < 4.3)
      activesupport (>= 3.0, < 4.3)
      railties (>= 3.0, < 4.3)
      rspec-core (~> 3.4.0)
      rspec-expectations (~> 3.4.0)
      rspec-mocks (~> 3.4.0)
      rspec-support (~> 3.4.0)
    rspec-support (3.4.1)
    sass (3.2.19)
    sass-rails (4.0.5)
      railties (>= 4.0.0, < 5.0)
      sass (~> 3.2.2)
      sprockets (~> 2.8, < 3.0)
      sprockets-rails (~> 2.0)
    seo_meta (2.0.0.rc.1)
      railties (>= 3.0.0)
    speakingurl-rails (8.0.2)
      railties (>= 3.1)
    sprockets (2.12.4)
      hike (~> 1.2)
      multi_json (~> 1.0)
      rack (~> 1.0)
      tilt (~> 1.1, != 1.3.0)
    sprockets-rails (2.3.3)
      actionpack (>= 3.0)
      activesupport (>= 3.0)
      sprockets (>= 2.8, < 4.0)
    sqlite3 (1.3.11)
    stache (1.1.1)
    thor (0.19.1)
    thread_safe (0.3.5)
    tilt (1.4.1)
    truncate_html (0.9.3)
    tzinfo (1.2.2)
      thread_safe (~> 0.1)
    websocket-driver (0.6.3)
      websocket-extensions (>= 0.1.0)
    websocket-extensions (0.1.2)
    will_paginate (3.0.7)
    xpath (2.0.0)
      nokogiri (~> 1.3)
    zilch-authorisation (0.0.1)

PLATFORMS
  ruby

DEPENDENCIES
  activerecord-jdbcmysql-adapter
  activerecord-jdbcpostgresql-adapter
  activerecord-jdbcsqlite3-adapter
  coffee-rails (~> 4.0.0)
  dragonfly-s3_data_store
  jdbc-mysql (= 5.1.13)
  mime-types (~> 1.25)
  mustache
  mysql2
  pg
  poltergeist
  rails
  rails-assets-multiselect!
  refinerycms!
  refinerycms-caststone!
  refinerycms-i18n!
  refinerycms-testing
  rmagick
  sass-rails (~> 4.0.0)
  sqlite3
  stache

BUNDLED WITH
   1.11.2
