GIT
  remote: https://github.com/refinery/refinerycms
  revision: 53ea228ba053321cb10af53cb88c2d60aeadd30f
  branch: master
  specs:
    refinerycms (4.1.0)
      refinerycms-core (= 4.1.0)
      refinerycms-images (= 4.1.0)
      refinerycms-pages (= 4.1.0)
      refinerycms-resources (= 4.1.0)
    refinerycms-core (4.1.0)
      actionpack (>= 6.0.0, < 7)
      activerecord (>= 6.0.0, < 7)
      coffee-rails (~> 4.0, >= 4.0.0)
      decorators (~> 2.0, >= 2.0.0)
      font-awesome-sass (>= 4.3.0, < 5.0)
      jquery-rails (~> 4.3, >= 4.3.1)
      jquery-ui-rails (~> 6.0, >= 6.0.0)
      railties (>= 6.0.0, < 7)
      refinerycms-i18n (~> 5.0, >= 5.0.1)
      sass-rails (>= 4.0, < 7)
      truncate_html (~> 0.9)
      will_paginate (~> 3.1, >= 3.1.0)
      zilch-authorisation (~> 0, >= 0.0.1)
    refinerycms-dragonfly (1.0.2)
      dragonfly (~> 1.1)
      refinerycms-core (~> 4.0, >= 4.0.2)
    refinerycms-images (4.1.0)
      refinerycms-core (= 4.1.0)
      refinerycms-dragonfly (~> 1.0)
    refinerycms-pages (4.1.0)
      awesome_nested_set (~> 3.1, >= 3.1.0)
      babosa (~> 1.0)
      diffy (~> 3.1, >= 3.1.0)
      friendly_id (>= 5.1.0, < 5.3)
      friendly_id-mobility (~> 0.5)
      refinerycms-core (= 4.1.0)
      seo_meta (~> 3.0, >= 3.0.0)
      speakingurl-rails (~> 8.0, >= 8.0.0)
    refinerycms-resources (4.1.0)
      refinerycms-core (= 4.1.0)
      refinerycms-dragonfly (~> 1.0)
    refinerycms-testing (4.1.0)
      capybara (>= 2.18)
      factory_bot_rails (~> 4.8)
      rails-controller-testing (>= 0.1.1)
      refinerycms-core (= 4.1.0)
      rspec-rails (~> 4.0.0.beta2)
      webdrivers (~> 4.0)

PATH
  remote: .
  specs:
    refinerycms-caststone (3.0.1)
      gutentag
      mime-types
      mustache
      refinerycms-acts-as-indexed
      refinerycms-core
      rmagick
      stache

GEM
  remote: http://rubygems.org/
  specs:
    actionpack (6.0.2.1)
      actionview (= 6.0.2.1)
      activesupport (= 6.0.2.1)
      rack (~> 2.0, >= 2.0.8)
      rack-test (>= 0.6.3)
      rails-dom-testing (~> 2.0)
      rails-html-sanitizer (~> 1.0, >= 1.2.0)
    actionview (6.0.2.1)
      activesupport (= 6.0.2.1)
      builder (~> 3.1)
      erubi (~> 1.4)
      rails-dom-testing (~> 2.0)
      rails-html-sanitizer (~> 1.1, >= 1.2.0)
    activemodel (6.0.2.1)
      activesupport (= 6.0.2.1)
    activerecord (6.0.2.1)
      activemodel (= 6.0.2.1)
      activesupport (= 6.0.2.1)
    activesupport (6.0.2.1)
      concurrent-ruby (~> 1.0, >= 1.0.2)
      i18n (>= 0.7, < 2)
      minitest (~> 5.1)
      tzinfo (~> 1.1)
      zeitwerk (~> 2.2)
    acts_as_indexed (0.8.3)
    addressable (2.7.0)
      public_suffix (>= 2.0.2, < 5.0)
    awesome_nested_set (3.2.0)
      activerecord (>= 4.0.0, < 7.0)
    babosa (1.0.3)
    builder (3.2.4)
    capybara (3.31.0)
      addressable
      mini_mime (>= 0.1.3)
      nokogiri (~> 1.8)
      rack (>= 1.6.0)
      rack-test (>= 0.6.3)
      regexp_parser (~> 1.5)
      xpath (~> 3.2)
    capybara-email (3.0.1)
      capybara (>= 2.4, < 4.0)
      mail
    childprocess (3.0.0)
    cliver (0.3.2)
    coffee-rails (4.2.2)
      coffee-script (>= 2.2.0)
      railties (>= 4.0.0)
    coffee-script (2.4.1)
      coffee-script-source
      execjs
    coffee-script-source (1.12.2)
    concurrent-ruby (1.1.6)
    crass (1.0.6)
    decorators (2.0.5)
      railties (>= 4.0.0, < 7)
    diff-lcs (1.3)
    diffy (3.3.0)
    dragonfly (1.2.0)
      addressable (~> 2.3)
      multi_json (~> 1.0)
      rack (>= 1.3)
    erubi (1.9.0)
    execjs (2.7.0)
    factory_bot (4.11.1)
      activesupport (>= 3.0.0)
    factory_bot_rails (4.11.1)
      factory_bot (~> 4.11.1)
      railties (>= 3.0.0)
    ffi (1.12.2)
    font-awesome-sass (4.7.0)
      sass (>= 3.2)
    friendly_id (5.2.5)
      activerecord (>= 4.0.0)
    friendly_id-mobility (0.5.4)
      friendly_id (>= 5.0.0, <= 5.3.0)
      mobility (>= 0.5.1, < 1.0)
    gutentag (2.5.2)
      activerecord (>= 3.2.0)
    i18n (1.8.2)
      concurrent-ruby (~> 1.0)
    jquery-rails (4.3.5)
      rails-dom-testing (>= 1, < 3)
      railties (>= 4.2.0)
      thor (>= 0.14, < 2.0)
    jquery-ui-rails (6.0.1)
      railties (>= 3.2.16)
    listen (3.2.1)
      rb-fsevent (~> 0.10, >= 0.10.3)
      rb-inotify (~> 0.9, >= 0.9.10)
    loofah (2.4.0)
      crass (~> 1.0.2)
      nokogiri (>= 1.5.9)
    mail (2.7.1)
      mini_mime (>= 0.1.1)
    method_source (0.9.2)
    mime-types (3.3.1)
      mime-types-data (~> 3.2015)
    mime-types-data (3.2019.1009)
    mini_mime (1.0.2)
    mini_portile2 (2.4.0)
    minitest (5.14.0)
    mobility (0.8.10)
      i18n (>= 0.6.10, < 2)
      request_store (~> 1.0)
    multi_json (1.14.1)
    mustache (1.1.1)
    nokogiri (1.10.8)
      mini_portile2 (~> 2.4.0)
    poltergeist (1.18.1)
      capybara (>= 2.1, < 4)
      cliver (~> 0.3.1)
      websocket-driver (>= 0.2.0)
    public_suffix (4.0.3)
    rack (2.2.2)
    rack-test (1.1.0)
      rack (>= 1.0, < 3)
    rails-controller-testing (1.0.4)
      actionpack (>= 5.0.1.x)
      actionview (>= 5.0.1.x)
      activesupport (>= 5.0.1.x)
    rails-dom-testing (2.0.3)
      activesupport (>= 4.2.0)
      nokogiri (>= 1.6)
    rails-html-sanitizer (1.3.0)
      loofah (~> 2.3)
    rails-i18n (6.0.0)
      i18n (>= 0.7, < 2)
      railties (>= 6.0.0, < 7)
    railties (6.0.2.1)
      actionpack (= 6.0.2.1)
      activesupport (= 6.0.2.1)
      method_source
      rake (>= 0.8.7)
      thor (>= 0.20.3, < 2.0)
    rake (13.0.1)
    rb-fsevent (0.10.3)
    rb-inotify (0.10.1)
      ffi (~> 1.0)
    refinerycms-acts-as-indexed (3.0.0)
      acts_as_indexed (~> 0.8.0)
      decorators (~> 2.0)
      refinerycms-core (>= 3.0.0, < 5.0)
      stringex (~> 2.5.2)
    refinerycms-i18n (5.0.1)
      mobility (~> 0.8.8)
      rails-i18n (>= 5.0)
      routing-filter (~> 0.4)
    regexp_parser (1.6.0)
    request_store (1.5.0)
      rack (>= 1.4)
    rmagick (4.0.0)
    routing-filter (0.6.3)
      actionpack (>= 4.2)
      activesupport (>= 4.2)
    rspec-core (3.9.1)
      rspec-support (~> 3.9.1)
    rspec-expectations (3.9.0)
      diff-lcs (>= 1.2.0, < 2.0)
      rspec-support (~> 3.9.0)
    rspec-mocks (3.9.1)
      diff-lcs (>= 1.2.0, < 2.0)
      rspec-support (~> 3.9.0)
    rspec-rails (4.0.0.beta4)
      actionpack (>= 4.2)
      activesupport (>= 4.2)
      railties (>= 4.2)
      rspec-core (~> 3.9)
      rspec-expectations (~> 3.9)
      rspec-mocks (~> 3.9)
      rspec-support (~> 3.9)
    rspec-support (3.9.2)
    rubyzip (2.2.0)
    sass (3.7.4)
      sass-listen (~> 4.0.0)
    sass-listen (4.0.0)
      rb-fsevent (~> 0.9, >= 0.9.4)
      rb-inotify (~> 0.9, >= 0.9.7)
    sass-rails (6.0.0)
      sassc-rails (~> 2.1, >= 2.1.1)
    sassc (2.2.1)
      ffi (~> 1.9)
    sassc-rails (2.1.2)
      railties (>= 4.0.0)
      sassc (>= 2.0)
      sprockets (> 3.0)
      sprockets-rails
      tilt
    selenium-webdriver (3.142.7)
      childprocess (>= 0.5, < 4.0)
      rubyzip (>= 1.2.2)
    seo_meta (3.0.0)
      railties (>= 5.0.0)
    speakingurl-rails (8.0.2)
      railties (>= 3.1)
    sprockets (4.0.0)
      concurrent-ruby (~> 1.0)
      rack (> 1, < 3)
    sprockets-rails (3.2.1)
      actionpack (>= 4.0)
      activesupport (>= 4.0)
      sprockets (>= 3.0.0)
    stache (1.2.0)
    stringex (2.5.2)
    thor (1.0.1)
    thread_safe (0.3.6)
    tilt (2.0.10)
    truncate_html (0.9.3)
    tzinfo (1.2.6)
      thread_safe (~> 0.1)
    uglifier (4.2.0)
      execjs (>= 0.3.0, < 3)
    webdrivers (4.2.0)
      nokogiri (~> 1.6)
      rubyzip (>= 1.3.0)
      selenium-webdriver (>= 3.0, < 4.0)
    websocket-driver (0.7.1)
      websocket-extensions (>= 0.1.0)
    websocket-extensions (0.1.5)
    will_paginate (3.2.1)
    xpath (3.2.0)
      nokogiri (~> 1.8)
    zeitwerk (2.2.2)
    zilch-authorisation (0.0.1)

PLATFORMS
  ruby

DEPENDENCIES
  capybara-email (~> 3.0)
  coffee-rails
  gutentag (~> 2.5)
  listen
  mime-types
  mustache
  poltergeist
  refinerycms!
  refinerycms-acts-as-indexed
  refinerycms-caststone!
  refinerycms-testing!
  sass-rails
  stache
  uglifier

BUNDLED WITH
   2.1.3
